GEM
  remote: http://rubygems.org/
  specs:
    Ascii85 (1.0.0)
    diff-lcs (1.1.2)
    pdf-reader (0.9.2)
      Ascii85 (>= 0.9)
    prawn (0.11.1)
      pdf-reader (>= 0.9.0)
      ttfunk (~> 1.0.0)
    rspec (2.3.0)
      rspec-core (~> 2.3.0)
      rspec-expectations (~> 2.3.0)
      rspec-mocks (~> 2.3.0)
    rspec-core (2.3.1)
    rspec-expectations (2.3.0)
      diff-lcs (~> 1.1.2)
    rspec-mocks (2.3.0)
    ttfunk (1.0.1)

PLATFORMS
  ruby

DEPENDENCIES
  prawn (= 0.11.1)
  rspec
